GEM
  remote: https://rubygems.org/
  specs:
    builder (3.2.2)
    httparty (0.11.0)
      multi_json (~> 1.0)
      multi_xml (>= 0.5.2)
    jwt (0.1.8)
      multi_json (>= 1.5)
    mini_portile (0.6.2)
    multi_json (1.8.0)
    multi_xml (0.5.5)
    nokogiri (1.6.5)
      mini_portile (~> 0.6.0)
    nokogiri (1.6.5-x86-mingw32)
      mini_portile (~> 0.6.0)
    rack (1.5.2)
    sinatra (1.1.0)
      rack (~> 1.1)
      tilt (~> 1.1)
    tilt (1.4.1)
    twilio-ruby (3.10.1)
      builder (>= 2.1.2)
      jwt (>= 0.1.2)
      multi_json (>= 1.3.0)
    wolfram-alpha (0.3.1)
      nokogiri

PLATFORMS
  ruby
  x86-mingw32

DEPENDENCIES
  httparty
  sinatra (= 1.1.0)
  twilio-ruby
  wolfram-alpha
